GIT
  remote: git://github.com/rspec/rspec-expectations.git
  revision: 8a5845f4441654caddfac7246d2a86aae3a4c237
  branch: switch-to-diff-object-formater
  specs:
    rspec-expectations (3.8.pre)
      diff-lcs (>= 1.2.0, < 2.0)
      rspec-support (= 3.8.pre)

GIT
  remote: git://github.com/rspec/rspec-support.git
  revision: c44593093c2869f940f12642936aff549d990583
  branch: display-string-diff-in-long-output
  specs:
    rspec-support (3.8.pre)

GEM
  remote: https://rubygems.org/
  specs:
    diff-lcs (1.3)
    rspec (1.3.2)
    rspec-core (2.99.2)
    rspec-mocks (2.99.4)

PLATFORMS
  ruby

DEPENDENCIES
  rspec
  rspec-core
  rspec-expectations!
  rspec-mocks
  rspec-support!

BUNDLED WITH
   1.16.1
