GIT
  remote: git://github.com/rspec/rspec-expectations.git
  revision: a73141047966b269a2e779a540ac201b3847a4a7
  branch: switch-to-diff-object-formater
  specs:
    rspec-expectations (3.8.pre)
      diff-lcs (>= 1.2.0, < 2.0)
      rspec-support (= 3.8.pre)

GIT
  remote: git://github.com/rspec/rspec-support.git
  revision: 7efe23dd71717c1499b6db584785e5398aed680b
  branch: display-string-diff-in-long-output
  specs:
    rspec-support (3.8.pre)

GEM
  remote: https://rubygems.org/
  specs:
    diff-lcs (1.3)
    rspec (1.3.2)
    rspec-core (2.99.2)
    rspec-mocks (2.99.4)

PLATFORMS
  ruby

DEPENDENCIES
  rspec
  rspec-core
  rspec-expectations!
  rspec-mocks
  rspec-support!

BUNDLED WITH
   1.16.1
